GEM
  remote: http://rubygems.org/
  specs:
    aws-sdk (1.5.1)
      httparty (~> 0.7)
      json (~> 1.4)
      nokogiri (>= 1.4.4)
      uuidtools (~> 2.1)
    httparty (0.8.3)
      multi_json (~> 1.0)
      multi_xml
    json (1.7.3)
    macaddr (1.6.0)
      systemu (~> 2.2.0)
    multi_json (1.3.5)
    multi_xml (0.5.1)
    nokogiri (1.5.2)
    rack (1.4.1)
    rack-protection (1.2.0)
      rack
    redis (2.2.2)
    redis-namespace (1.0.3)
      redis (< 3.0.0)
    redisk (0.2.2)
      redis (>= 0.1.1)
      redis-namespace (>= 0.1.0)
    resque (1.20.0)
      multi_json (~> 1.0)
      redis-namespace (~> 1.0.2)
      sinatra (>= 0.9.2)
      vegas (~> 0.1.2)
    resque-status (0.3.3)
      redisk (>= 0.2.1)
      resque (~> 1.19)
      uuid (~> 2.3)
    sinatra (1.3.2)
      rack (~> 1.3, >= 1.3.6)
      rack-protection (~> 1.2)
      tilt (~> 1.3, >= 1.3.3)
    systemu (2.2.0)
    tilt (1.3.3)
    uuid (2.3.5)
      macaddr (~> 1.0)
    uuidtools (2.1.2)
    vegas (0.1.11)
      rack (>= 1.0.0)

PLATFORMS
  ruby

DEPENDENCIES
  aws-sdk
  resque
  resque-status
